GIT
  remote: git@github.com:entdec/auxilium
  revision: 10bc29c2ab2f71207674a0030a01f8138fe5070f
  specs:
    auxilium (3.0.23)
      actionpack (> 5.1)
      activemodel (> 5.1)
      activesupport (> 5.1)
      pundit (> 2)
      responders (> 3)
      rolify (> 5)

PATH
  remote: .
  specs:
    executo (0.3.10)
      active_attr (>= 0.15)
      activejob (> 7.0.0)
      activemodel (> 7.0.0)
      activesupport (> 7.0.0)
      redis (< 5)
      sidekiq (> 5.1)

GEM
  remote: https://rubygems.org/
  specs:
    actionpack (7.0.3.1)
      actionview (= 7.0.3.1)
      activesupport (= 7.0.3.1)
      rack (~> 2.0, >= 2.2.0)
      rack-test (>= 0.6.3)
      rails-dom-testing (~> 2.0)
      rails-html-sanitizer (~> 1.0, >= 1.2.0)
    actionview (7.0.3.1)
      activesupport (= 7.0.3.1)
      builder (~> 3.1)
      erubi (~> 1.4)
      rails-dom-testing (~> 2.0)
      rails-html-sanitizer (~> 1.1, >= 1.2.0)
    active_attr (0.15.4)
      actionpack (>= 3.0.2, < 7.1)
      activemodel (>= 3.0.2, < 7.1)
      activesupport (>= 3.0.2, < 7.1)
    activejob (7.0.3.1)
      activesupport (= 7.0.3.1)
      globalid (>= 0.3.6)
    activemodel (7.0.3.1)
      activesupport (= 7.0.3.1)
    activesupport (7.0.3.1)
      concurrent-ruby (~> 1.0, >= 1.0.2)
      i18n (>= 1.6, < 2)
      minitest (>= 5.1)
      tzinfo (~> 2.0)
    ast (2.4.2)
    builder (3.2.4)
    coderay (1.1.3)
    concurrent-ruby (1.1.10)
    connection_pool (2.2.5)
    crass (1.0.6)
    erubi (1.11.0)
    globalid (1.0.0)
      activesupport (>= 5.0)
    i18n (1.12.0)
      concurrent-ruby (~> 1.0)
    json (2.6.2)
    language_server-protocol (3.17.0.0)
    loofah (2.18.0)
      crass (~> 1.0.2)
      nokogiri (>= 1.5.9)
    method_source (1.0.0)
    minitest (5.16.3)
    nokogiri (1.13.8-arm64-darwin)
      racc (~> 1.4)
    nokogiri (1.13.8-x86_64-darwin)
      racc (~> 1.4)
    parallel (1.22.1)
    parser (3.1.2.1)
      ast (~> 2.4.1)
    prettier_print (0.1.0)
    pry (0.14.1)
      coderay (~> 1.1)
      method_source (~> 1.0)
    pundit (2.2.0)
      activesupport (>= 3.0.0)
    racc (1.6.0)
    rack (2.2.4)
    rack-test (2.0.2)
      rack (>= 1.3)
    rails-dom-testing (2.0.3)
      activesupport (>= 4.2.0)
      nokogiri (>= 1.6)
    rails-html-sanitizer (1.4.3)
      loofah (~> 2.3)
    railties (7.0.3.1)
      actionpack (= 7.0.3.1)
      activesupport (= 7.0.3.1)
      method_source
      rake (>= 12.2)
      thor (~> 1.0)
      zeitwerk (~> 2.5)
    rainbow (3.1.1)
    rake (13.0.6)
    redis (4.8.0)
    regexp_parser (2.5.0)
    responders (3.0.1)
      actionpack (>= 5.0)
      railties (>= 5.0)
    rexml (3.2.5)
    rolify (6.0.0)
    rubocop (1.35.1)
      json (~> 2.3)
      parallel (~> 1.10)
      parser (>= 3.1.2.1)
      rainbow (>= 2.2.2, < 4.0)
      regexp_parser (>= 1.8, < 3.0)
      rexml (>= 3.2.5, < 4.0)
      rubocop-ast (>= 1.20.1, < 2.0)
      ruby-progressbar (~> 1.7)
      unicode-display_width (>= 1.4.0, < 3.0)
    rubocop-ast (1.21.0)
      parser (>= 3.1.1.0)
    ruby-lsp (0.2.4)
      language_server-protocol
      sorbet-runtime
      syntax_tree (>= 2.4)
    ruby-progressbar (1.11.0)
    sidekiq (6.5.6)
      connection_pool (>= 2.2.5)
      rack (~> 2.0)
      redis (>= 4.5.0, < 5)
    sorbet-runtime (0.5.10386)
    syntax_tree (3.5.0)
      prettier_print
    thor (1.2.1)
    tzinfo (2.0.5)
      concurrent-ruby (~> 1.0)
    unicode-display_width (2.2.0)
    zeitwerk (2.6.0)

PLATFORMS
  arm64-darwin-21
  x86_64-darwin-21

DEPENDENCIES
  auxilium (~> 3)!
  executo!
  minitest (> 5.0)
  pry
  rake (> 10.0)
  rubocop
  ruby-lsp (~> 0.2.0)

BUNDLED WITH
   2.3.17
